GEM
  remote: https://rubygems.org/
  specs:
    coderay (1.1.1)
    ethon (0.9.0)
      ffi (>= 1.3.0)
    ffi (1.9.14)
    method_source (0.8.2)
    pry (0.10.4)
      coderay (~> 1.1.0)
      method_source (~> 0.8.1)
      slop (~> 3.4)
    rack (1.6.4)
    rack-protection (1.5.3)
      rack
    rake (11.2.2)
    redis (3.0.7)
    sinatra (1.4.7)
      rack (~> 1.5)
      rack-protection (~> 1.4)
      tilt (>= 1.3, < 3)
    slop (3.6.0)
    tilt (2.0.5)
    typhoeus (1.1.0)
      ethon (>= 0.9.0)

PLATFORMS
  ruby

DEPENDENCIES
  pry
  rake
  redis (~> 3.0.4)
  sinatra
  typhoeus

BUNDLED WITH
   1.10.6
